GEM
  remote: https://rubygems.org/
  remote: https://gems.railslts.com/
  specs:
    actionmailer (2.3.18.34)
      actionpack (= 2.3.18.34)
    actionpack (2.3.18.34)
      activesupport (= 2.3.18.34)
      rack (< 1.5)
    activerecord (2.3.18.34)
      activesupport (= 2.3.18.34)
    activeresource (2.3.18.34)
      activesupport (= 2.3.18.34)
    activesupport (2.3.18.34)
    pg (1.2.3)
    rack (1.4.7)
    rails (2.3.18.34)
      actionmailer (= 2.3.18.34)
      actionpack (= 2.3.18.34)
      activerecord (= 2.3.18.34)
      activeresource (= 2.3.18.34)
      activesupport (= 2.3.18.34)
      railslts-version (= 2.3.18.34)
      railties (= 2.3.18.34)
    railslts-version (2.3.18.34)
    railties (2.3.18.34)
      actionpack (= 2.3.18.34)
      activesupport (= 2.3.18.34)
      rake (>= 0.8.3, < 11)
    rake (10.5.0)

PLATFORMS
  ruby

DEPENDENCIES
  actionmailer!
  actionpack!
  activerecord!
  activeresource!
  activesupport!
  pg
  rails (~> 2.3.18)!
  railslts-version!
  railties!

